GIT
  remote: git://github.com/Compass/compass-rails.git
  revision: ab84a09c0b84cc979e78540be7bfcb386ef5047d
  specs:
    compass-rails (2.0.0.pre)
      compass (>= 0.12.2)
      sprockets (<= 2.11.0)

GIT
  remote: git://github.com/EppO/rolify.git
  revision: befc8db8d1894cc2fe86407dbedc1aebb3f3592f
  specs:
    rolify (3.4.0)

GIT
  remote: git://github.com/activerecord-hackery/ransack.git
  revision: 8009ae93e3e00325e41edd231b4b917c45a2c6c2
  branch: rails-4
  specs:
    ransack (1.1.0)
      actionpack (>= 4.0)
      activerecord (>= 4.0)
      activesupport (>= 4.0)
      i18n
      polyamorous (~> 0.6.0)

GIT
  remote: git://github.com/argerim/select2-rails.git
  revision: dba1bbf9de951d1ba20e55a497d416fc28857b2d
  specs:
    select2-rails (3.5.4)
      thor (~> 0.14)

GIT
  remote: git://github.com/bmabey/database_cleaner.git
  revision: 84cabcaa4f8b4682cea1bf4cd1cb137f9eaececc
  specs:
    database_cleaner (1.3.0)

GIT
  remote: git://github.com/jonleighton/poltergeist.git
  revision: 330fe1d01eb9c7e25ba4154bfc7dc84aac58ed29
  specs:
    poltergeist (1.5.0)
      capybara (~> 2.1)
      cliver (~> 0.3.1)
      multi_json (~> 1.0)
      websocket-driver (>= 0.2.0)

GIT
  remote: git://github.com/nathanvda/cocoon.git
  revision: 3735fecd19199e8331f14ef2056b92de3509ad12
  specs:
    cocoon (1.2.6)

GIT
  remote: git://github.com/ncri/cancan.git
  revision: aa370c3ea1907df534708105b20f243c388377d5
  branch: 2.0
  specs:
    cancan (2.0.0.alpha)

GIT
  remote: git://github.com/plataformatec/devise.git
  revision: 145ce9e1de6108cbcc8551a5011685f05d00437e
  specs:
    devise (3.2.4)
      bcrypt (~> 3.0)
      orm_adapter (~> 0.1)
      railties (>= 3.2.6, < 5)
      thread_safe (~> 0.1)
      warden (~> 1.2.3)

GIT
  remote: git://github.com/prawnpdf/prawn.git
  revision: 0e92e1ed78083bf9b8e30a171096292ce9cbaefb
  specs:
    prawn (1.1.0)
      pdf-core (~> 0.2.5)
      ttfunk (~> 1.1.1)

GIT
  remote: git://github.com/stefankroes/ancestry.git
  revision: 40bbcda1c81c1725e8e88766b2bd86b41c51e1a2
  specs:
    ancestry (2.0.0)
      activerecord (>= 3.0.0)

GIT
  remote: git://github.com/tristanm/jstree-rails.git
  revision: e2ad211ea7835a1811e66c3d4ef1e21bfbe6e27d
  specs:
    jstree-rails (0.0.1)
      rails (>= 3.1)

GEM
  remote: http://rubygems.org/
  specs:
    actionmailer (4.1.7)
      actionpack (= 4.1.7)
      actionview (= 4.1.7)
      mail (~> 2.5, >= 2.5.4)
    actionpack (4.1.7)
      actionview (= 4.1.7)
      activesupport (= 4.1.7)
      rack (~> 1.5.2)
      rack-test (~> 0.6.2)
    actionview (4.1.7)
      activesupport (= 4.1.7)
      builder (~> 3.1)
      erubis (~> 2.7.0)
    activemodel (4.1.7)
      activesupport (= 4.1.7)
      builder (~> 3.1)
    activerecord (4.1.7)
      activemodel (= 4.1.7)
      activesupport (= 4.1.7)
      arel (~> 5.0.0)
    activesupport (4.1.7)
      i18n (~> 0.6, >= 0.6.9)
      json (~> 1.7, >= 1.7.7)
      minitest (~> 5.1)
      thread_safe (~> 0.1)
      tzinfo (~> 1.1)
    arel (5.0.1.20140414130214)
    bcrypt (3.1.7)
    better_errors (1.1.0)
      coderay (>= 1.0.0)
      erubis (>= 2.6.6)
    binding_of_caller (0.7.2)
      debug_inspector (>= 0.0.1)
    bootstrap-sass (3.1.1.0)
      sass (~> 3.2)
    builder (3.2.2)
    bullet (4.14.0)
      activesupport (>= 3.0.0)
      uniform_notifier (>= 1.6.0)
    capybara (2.4.4)
      mime-types (>= 1.16)
      nokogiri (>= 1.3.3)
      rack (>= 1.0.0)
      rack-test (>= 0.5.4)
      xpath (~> 2.0)
    celluloid (0.16.0)
      timers (~> 4.0.0)
    chunky_png (1.3.0)
    cliver (0.3.2)
    coderay (1.1.0)
    coffee-rails (4.0.1)
      coffee-script (>= 2.2.0)
      railties (>= 4.0.0, < 5.0)
    coffee-script (2.2.0)
      coffee-script-source
      execjs
    coffee-script-source (1.7.0)
    compass (0.12.4)
      chunky_png (~> 1.2)
      fssm (>= 0.2.7)
      sass (~> 3.2.17)
    consistency_fail (0.3.2)
    debug_inspector (0.0.2)
    diff-lcs (1.2.5)
    docile (1.1.3)
    dotenv (0.11.1)
      dotenv-deployment (~> 0.0.2)
    dotenv-deployment (0.0.2)
    draper (1.3.0)
      actionpack (>= 3.0)
      activemodel (>= 3.0)
      activesupport (>= 3.0)
      request_store (~> 1.0.3)
    erubis (2.7.0)
    execjs (2.0.2)
    factory_girl (4.4.0)
      activesupport (>= 3.0.0)
    factory_girl_rails (4.4.1)
      factory_girl (~> 4.4.0)
      railties (>= 3.0.0)
    ffi (1.9.6)
    foreman (0.75.0)
      dotenv (~> 0.11.1)
      thor (~> 0.19.1)
    formatador (0.2.5)
    fssm (0.2.10)
    growl (1.0.3)
    guard (2.8.2)
      formatador (>= 0.2.4)
      listen (~> 2.7)
      lumberjack (~> 1.0)
      pry (>= 0.9.12)
      thor (>= 0.18.1)
    guard-rspec (4.3.1)
      guard (~> 2.1)
      rspec (>= 2.14, < 4.0)
    haml (4.0.5)
      tilt
    haml-rails (0.5.3)
      actionpack (>= 4.0.1)
      activesupport (>= 4.0.1)
      haml (>= 3.1, < 5.0)
      railties (>= 4.0.1)
    hike (1.2.3)
    hitimes (1.2.2)
    i18n (0.6.11)
    jquery-rails (3.1.0)
      railties (>= 3.0, < 5.0)
      thor (>= 0.14, < 2.0)
    jquery-ui-rails (4.0.3)
      jquery-rails
      railties (>= 3.1.0)
    jquery-ui-sass-rails (4.0.3.0)
      jquery-rails
      jquery-ui-rails (= 4.0.3)
      railties (>= 3.1.0)
    json (1.8.1)
    kgio (2.9.2)
    listen (2.7.11)
      celluloid (>= 0.15.2)
      rb-fsevent (>= 0.9.3)
      rb-inotify (>= 0.9)
    lumberjack (1.0.9)
    mail (2.6.3)
      mime-types (>= 1.16, < 3)
    method_source (0.8.2)
    mime-types (2.4.3)
    mini_portile (0.6.1)
    minitest (5.4.3)
    multi_json (1.10.1)
    newrelic_rpm (3.9.6.257)
    nokogiri (1.6.4.1)
      mini_portile (~> 0.6.0)
    orm_adapter (0.5.0)
    pdf-core (0.2.5)
    pg (0.17.1)
    polyamorous (0.6.4)
      activerecord (>= 3.0)
    pry (0.9.12.6)
      coderay (~> 1.0)
      method_source (~> 0.8)
      slop (~> 3.4)
    pry-rails (0.3.2)
      pry (>= 0.9.10)
    quiet_assets (1.0.3)
      railties (>= 3.1, < 5.0)
    rack (1.5.2)
    rack-test (0.6.2)
      rack (>= 1.0)
    rails (4.1.7)
      actionmailer (= 4.1.7)
      actionpack (= 4.1.7)
      actionview (= 4.1.7)
      activemodel (= 4.1.7)
      activerecord (= 4.1.7)
      activesupport (= 4.1.7)
      bundler (>= 1.3.0, < 2.0)
      railties (= 4.1.7)
      sprockets-rails (~> 2.0)
    rails_12factor (0.0.3)
      rails_serve_static_assets
      rails_stdout_logging
    rails_serve_static_assets (0.0.2)
    rails_stdout_logging (0.0.3)
    railties (4.1.7)
      actionpack (= 4.1.7)
      activesupport (= 4.1.7)
      rake (>= 0.8.7)
      thor (>= 0.18.1, < 2.0)
    raindrops (0.13.0)
    rake (10.3.2)
    rb-fsevent (0.9.4)
    rb-inotify (0.9.5)
      ffi (>= 0.5.0)
    request_store (1.0.5)
    responders (1.0.0)
      railties (>= 3.2, < 5)
    rspec (2.14.1)
      rspec-core (~> 2.14.0)
      rspec-expectations (~> 2.14.0)
      rspec-mocks (~> 2.14.0)
    rspec-core (2.14.8)
    rspec-expectations (2.14.5)
      diff-lcs (>= 1.1.3, < 2.0)
    rspec-mocks (2.14.6)
    rspec-rails (2.14.2)
      actionpack (>= 3.0)
      activemodel (>= 3.0)
      activesupport (>= 3.0)
      railties (>= 3.0)
      rspec-core (~> 2.14.0)
      rspec-expectations (~> 2.14.0)
      rspec-mocks (~> 2.14.0)
    sass (3.2.18)
    sass-rails (4.0.4)
      railties (>= 4.0.0, < 5.0)
      sass (~> 3.2.2)
      sprockets (~> 2.8, < 2.12)
      sprockets-rails (~> 2.0)
    simple_form (3.1.0.rc2)
      actionpack (~> 4.0)
      activemodel (~> 4.0)
    simplecov (0.8.2)
      docile (~> 1.1.0)
      multi_json
      simplecov-html (~> 0.8.0)
    simplecov-html (0.8.0)
    slop (3.5.0)
    spring (1.1.3)
    spring-commands-rspec (1.0.2)
      spring (>= 0.9.1)
    sprockets (2.11.0)
      hike (~> 1.2)
      multi_json (~> 1.0)
      rack (~> 1.0)
      tilt (~> 1.1, != 1.3.0)
    sprockets-rails (2.2.0)
      actionpack (>= 3.0)
      activesupport (>= 3.0)
      sprockets (>= 2.8, < 4.0)
    thor (0.19.1)
    thread_safe (0.3.4)
    tilt (1.4.1)
    timers (4.0.1)
      hitimes
    ttfunk (1.1.1)
    tzinfo (1.2.2)
      thread_safe (~> 0.1)
    uglifier (2.5.0)
      execjs (>= 0.3.0)
      json (>= 1.8.0)
    unicorn (4.8.2)
      kgio (~> 2.6)
      rack
      raindrops (~> 0.7)
    uniform_notifier (1.6.2)
    warden (1.2.3)
      rack (>= 1.0)
    websocket-driver (0.3.2)
    xpath (2.0.0)
      nokogiri (~> 1.3)

PLATFORMS
  ruby

DEPENDENCIES
  ancestry!
  better_errors (~> 1.1.0)
  binding_of_caller
  bootstrap-sass (~> 3.1.0)
  bullet (~> 4.14.0)
  cancan!
  capybara (~> 2.4.4)
  cocoon!
  coffee-rails (~> 4.0.0)
  compass-rails!
  consistency_fail
  database_cleaner!
  devise!
  draper (~> 1.3)
  factory_girl_rails
  foreman (~> 0.75.0)
  growl
  guard-rspec (~> 4.3.1)
  haml-rails
  jquery-rails
  jquery-ui-sass-rails
  jstree-rails!
  newrelic_rpm (~> 3.9.6)
  pg
  poltergeist!
  prawn!
  pry-rails (~> 0.3.2)
  quiet_assets (~> 1.0.3)
  rails (= 4.1.7)
  rails_12factor (~> 0.0.3)
  ransack!
  rb-fsevent (~> 0.9.4)
  responders
  rolify!
  rspec-rails
  sass-rails (~> 4.0.3)
  select2-rails!
  simple_form (~> 3.1.0.rc1)
  simplecov
  spring (~> 1.1.3)
  spring-commands-rspec (~> 1.0.2)
  uglifier (>= 1.3.0)
  unicorn
